NUGET
  remote: https://www.nuget.org/api/v2
    Dapper (1.50.4)
      NETStandard.Library (>= 1.6.1) - framework: netstandard13
      System.Collections.Concurrent (>= 4.3) - framework: netstandard13
      System.Collections.NonGeneric (>= 4.3) - framework: netstandard13
      System.Data.SqlClient (>= 4.4) - framework: netstandard13, >= netstandard16
      System.Dynamic.Runtime (>= 4.3) - framework: netstandard13
      System.Reflection.Emit (>= 4.3) - framework: netstandard13
      System.Reflection.Emit.Lightweight (>= 4.3) - framework: netstandard13, >= netstandard16
      System.Reflection.TypeExtensions (>= 4.4) - framework: netstandard13, >= netstandard16
      System.Runtime.InteropServices (>= 4.3) - framework: netstandard13
      System.Xml.XmlDocument (>= 4.3) - framework: netstandard13
    Microsoft.Extensions.Configuration (2.0)
      Microsoft.Extensions.Configuration.Abstractions (>= 2.0) - framework: >= net463, >= netstandard16
    Microsoft.Extensions.Configuration.Abstractions (2.0) - framework: >= net463, >= netstandard16
      Microsoft.Extensions.Primitives (>= 2.0) - framework: >= net463, >= netstandard16
    Microsoft.Extensions.Primitives (2.0) - framework: >= net463, >= netstandard16
      System.Runtime.CompilerServices.Unsafe (>= 4.4) - framework: >= net463, >= netstandard16
    Microsoft.NETCore.Platforms (2.0.1) - framework: netstandard13, >= netstandard16
    Microsoft.NETCore.Targets (2.0) - framework: netstandard13, >= netstandard16
    Microsoft.Win32.Primitives (4.3) - framework: netstandard13
      Microsoft.NETCore.Platforms (>= 1.1) - framework: >= netstandard13
      Microsoft.NETCore.Targets (>= 1.1) - framework: >= netstandard13
      System.Runtime (>= 4.3) - framework: >= netstandard13
    Microsoft.Win32.Registry (4.4) - framework: >= netstandard16
      System.Security.AccessControl (>= 4.4) - framework: >= net461, >= netstandard16, monoandroid, monotouch, xamarinios, xamarinmac
      System.Security.Principal.Windows (>= 4.4) - framework: >= net461, >= netstandard16, monoandroid, monotouch, xamarinios, xamarinmac
    NETStandard.Library (2.0.1) - framework: netstandard13
      Microsoft.NETCore.Platforms (>= 1.1)
      Microsoft.Win32.Primitives (>= 4.3) - framework: net46, uap100, >= netstandard13
      System.AppContext (>= 4.3) - framework: net46, uap100, >= netstandard13
      System.Collections (>= 4.3) - framework: uap100, >= netstandard10
      System.Collections.Concurrent (>= 4.3) - framework: uap100, >= netstandard11
      System.Console (>= 4.3) - framework: net46, uap100, >= netstandard13
      System.Diagnostics.Debug (>= 4.3) - framework: uap100, >= netstandard10
      System.Diagnostics.Tools (>= 4.3) - framework: uap100, >= netstandard10
      System.Diagnostics.Tracing (>= 4.3) - framework: uap100, >= netstandard11
      System.Globalization (>= 4.3) - framework: uap100, >= netstandard10
      System.Globalization.Calendars (>= 4.3) - framework: net46, uap100, >= netstandard13
      System.IO (>= 4.3) - framework: uap100, >= netstandard10
      System.IO.Compression (>= 4.3) - framework: net46, uap100, >= netstandard11
      System.IO.Compression.ZipFile (>= 4.3) - framework: net46, uap100, >= netstandard13
      System.IO.FileSystem (>= 4.3) - framework: net46, uap100, >= netstandard13
      System.IO.FileSystem.Primitives (>= 4.3) - framework: net46, uap100, >= netstandard13
      System.Linq (>= 4.3) - framework: uap100, >= netstandard10
      System.Linq.Expressions (>= 4.3) - framework: uap100, >= netstandard10
      System.Net.Http (>= 4.3.2) - framework: net46, uap100, >= netstandard11
      System.Net.Primitives (>= 4.3) - framework: uap100, >= netstandard10
      System.Net.Sockets (>= 4.3) - framework: net46, uap100, >= netstandard13
      System.ObjectModel (>= 4.3) - framework: uap100, >= netstandard10
      System.Reflection (>= 4.3) - framework: uap100, >= netstandard10
      System.Reflection.Extensions (>= 4.3) - framework: uap100, >= netstandard10
      System.Reflection.Primitives (>= 4.3) - framework: uap100, >= netstandard10
      System.Resources.ResourceManager (>= 4.3) - framework: uap100, >= netstandard10
      System.Runtime (>= 4.3) - framework: uap100, >= netstandard10
      System.Runtime.Extensions (>= 4.3) - framework: uap100, >= netstandard10
      System.Runtime.Handles (>= 4.3) - framework: uap100, >= netstandard13
      System.Runtime.InteropServices (>= 4.3) - framework: uap100, >= netstandard11
      System.Runtime.InteropServices.RuntimeInformation (>= 4.3) - framework: net45, net451, net46, uap100, >= netstandard11, portable45-net45+win8+wpa81, portable46-net451+win81+wpa81, wpav8.1
      System.Runtime.Numerics (>= 4.3) - framework: uap100, >= netstandard11
      System.Security.Cryptography.Algorithms (>= 4.3) - framework: net46, uap100, >= netstandard13
      System.Security.Cryptography.Encoding (>= 4.3) - framework: net46, uap100, >= netstandard13
      System.Security.Cryptography.Primitives (>= 4.3) - framework: net46, uap100, >= netstandard13
      System.Security.Cryptography.X509Certificates (>= 4.3) - framework: net46, uap100, >= netstandard13
      System.Text.Encoding (>= 4.3) - framework: uap100, >= netstandard10
      System.Text.Encoding.Extensions (>= 4.3) - framework: uap100, >= netstandard10
      System.Text.RegularExpressions (>= 4.3) - framework: uap100, >= netstandard10
      System.Threading (>= 4.3) - framework: uap100, >= netstandard10
      System.Threading.Tasks (>= 4.3) - framework: uap100, >= netstandard10
      System.Threading.Timer (>= 4.3) - framework: uap100, >= netstandard12
      System.Xml.ReaderWriter (>= 4.3) - framework: net46, uap100, >= netstandard10
      System.Xml.XDocument (>= 4.3) - framework: uap100, >= netstandard10
    runtime.debian.8-x64.runtime.native.System.Security.Cryptography.OpenSsl (4.3.2) - framework: netstandard13
    runtime.fedora.23-x64.runtime.native.System.Security.Cryptography.OpenSsl (4.3.2) - framework: netstandard13
    runtime.fedora.24-x64.runtime.native.System.Security.Cryptography.OpenSsl (4.3.2) - framework: netstandard13
    runtime.native.System (4.3) - framework: netstandard13
      Microsoft.NETCore.Platforms (>= 1.1)
      Microsoft.NETCore.Targets (>= 1.1)
    runtime.native.System.Data.SqlClient.sni (4.4) - framework: netstandard13, >= netstandard16
      runtime.win-arm64.runtime.native.System.Data.SqlClient.sni (>= 4.4)
      runtime.win-x64.runtime.native.System.Data.SqlClient.sni (>= 4.4)
      runtime.win-x86.runtime.native.System.Data.SqlClient.sni (>= 4.4)
    runtime.native.System.IO.Compression (4.3.1) - framework: netstandard13
      Microsoft.NETCore.Platforms (>= 1.1)
      Microsoft.NETCore.Targets (>= 1.1.1)
    runtime.native.System.Security.Cryptography.OpenSsl (4.3.2) - framework: netstandard13
      runtime.debian.8-x64.runtime.native.System.Security.Cryptography.OpenSsl (>= 4.3.2)
      runtime.fedora.23-x64.runtime.native.System.Security.Cryptography.OpenSsl (>= 4.3.2)
      runtime.fedora.24-x64.runtime.native.System.Security.Cryptography.OpenSsl (>= 4.3.2)
      runtime.opensuse.13.2-x64.runtime.native.System.Security.Cryptography.OpenSsl (>= 4.3.2)
      runtime.opensuse.42.1-x64.runtime.native.System.Security.Cryptography.OpenSsl (>= 4.3.2)
      runtime.osx.10.10-x64.runtime.native.System.Security.Cryptography.OpenSsl (>= 4.3.2)
      runtime.rhel.7-x64.runtime.native.System.Security.Cryptography.OpenSsl (>= 4.3.2)
      runtime.ubuntu.14.04-x64.runtime.native.System.Security.Cryptography.OpenSsl (>= 4.3.2)
      runtime.ubuntu.16.04-x64.runtime.native.System.Security.Cryptography.OpenSsl (>= 4.3.2)
      runtime.ubuntu.16.10-x64.runtime.native.System.Security.Cryptography.OpenSsl (>= 4.3.2)
    runtime.opensuse.13.2-x64.runtime.native.System.Security.Cryptography.OpenSsl (4.3.2) - framework: netstandard13
    runtime.opensuse.42.1-x64.runtime.native.System.Security.Cryptography.OpenSsl (4.3.2) - framework: netstandard13
    runtime.osx.10.10-x64.runtime.native.System.Security.Cryptography.OpenSsl (4.3.2) - framework: netstandard13
    runtime.rhel.7-x64.runtime.native.System.Security.Cryptography.OpenSsl (4.3.2) - framework: netstandard13
    runtime.ubuntu.14.04-x64.runtime.native.System.Security.Cryptography.OpenSsl (4.3.2) - framework: netstandard13
    runtime.ubuntu.16.04-x64.runtime.native.System.Security.Cryptography.OpenSsl (4.3.2) - framework: netstandard13
    runtime.ubuntu.16.10-x64.runtime.native.System.Security.Cryptography.OpenSsl (4.3.2) - framework: netstandard13
    runtime.win-arm64.runtime.native.System.Data.SqlClient.sni (4.4) - framework: netstandard13, >= netstandard16
    runtime.win-x64.runtime.native.System.Data.SqlClient.sni (4.4) - framework: netstandard13, >= netstandard16
    runtime.win-x86.runtime.native.System.Data.SqlClient.sni (4.4) - framework: netstandard13, >= netstandard16
    System.AppContext (4.3) - framework: netstandard13
      System.Runtime (>= 4.3) - framework: dnxcore50, netstandard13, >= netstandard16
    System.Buffers (4.4) - framework: netstandard13
    System.Collections (4.3) - framework: netstandard13, >= netstandard16
      Microsoft.NETCore.Platforms (>= 1.1) - framework: dnxcore50, netstandard10, >= netstandard13
      Microsoft.NETCore.Targets (>= 1.1) - framework: dnxcore50, netstandard10, >= netstandard13
      System.Runtime (>= 4.3) - framework: dnxcore50, netstandard10, >= netstandard13
    System.Collections.Concurrent (4.3) - framework: netstandard13
      System.Collections (>= 4.3) - framework: dnxcore50, >= netstandard13
      System.Diagnostics.Debug (>= 4.3) - framework: dnxcore50, >= netstandard13
      System.Diagnostics.Tracing (>= 4.3) - framework: dnxcore50, >= netstandard13
      System.Globalization (>= 4.3) - framework: dnxcore50, >= netstandard13
      System.Reflection (>= 4.3) - framework: >= netstandard13
      System.Resources.ResourceManager (>= 4.3) - framework: dnxcore50, >= netstandard13
      System.Runtime (>= 4.3) - framework: dnxcore50, netstandard11, >= netstandard13
      System.Runtime.Extensions (>= 4.3) - framework: dnxcore50, >= netstandard13
      System.Threading (>= 4.3) - framework: dnxcore50, >= netstandard13
      System.Threading.Tasks (>= 4.3) - framework: dnxcore50, netstandard11, >= netstandard13
    System.Collections.NonGeneric (4.3) - framework: netstandard13
      System.Diagnostics.Debug (>= 4.3) - framework: >= netstandard13
      System.Globalization (>= 4.3) - framework: >= netstandard13
      System.Resources.ResourceManager (>= 4.3) - framework: >= netstandard13
      System.Runtime (>= 4.3) - framework: >= netstandard13
      System.Runtime.Extensions (>= 4.3) - framework: >= netstandard13
      System.Threading (>= 4.3) - framework: >= netstandard13
    System.Console (4.3) - framework: netstandard13
      Microsoft.NETCore.Platforms (>= 1.1) - framework: >= netstandard13
      Microsoft.NETCore.Targets (>= 1.1) - framework: >= netstandard13
      System.IO (>= 4.3) - framework: >= netstandard13
      System.Runtime (>= 4.3) - framework: >= netstandard13
      System.Text.Encoding (>= 4.3) - framework: >= netstandard13
    System.Data.Common (4.3) - framework: netstandard13
      System.Collections (>= 4.3) - framework: >= netstandard12
      System.Globalization (>= 4.3) - framework: >= netstandard12
      System.IO (>= 4.3) - framework: >= netstandard12
      System.Resources.ResourceManager (>= 4.3) - framework: >= netstandard12
      System.Runtime (>= 4.3) - framework: >= netstandard12
      System.Runtime.Extensions (>= 4.3) - framework: >= netstandard12
      System.Text.RegularExpressions (>= 4.3) - framework: >= netstandard12
      System.Threading.Tasks (>= 4.3) - framework: >= netstandard12
    System.Data.SqlClient (4.4.2) - framework: netstandard13, >= netstandard16
      Microsoft.Win32.Registry (>= 4.4) - framework: >= netstandard16
      NETStandard.Library (>= 1.6.1) - framework: netstandard12, netstandard13
      runtime.native.System.Data.SqlClient.sni (>= 4.4) - framework: netstandard13, >= netstandard16
      System.Data.Common (>= 4.3) - framework: net451, net46, netstandard12, netstandard13, portable46-net451+win81+wpa81
      System.Diagnostics.DiagnosticSource (>= 4.4.1) - framework: netstandard13, >= netstandard16
      System.IO.Pipes (>= 4.3) - framework: netstandard13
      System.Net.NameResolution (>= 4.3) - framework: netstandard13
      System.Net.Security (>= 4.3) - framework: netstandard13
      System.Reflection.TypeExtensions (>= 4.4) - framework: netstandard13
      System.Security.Principal (>= 4.3) - framework: netstandard13
      System.Security.Principal.Windows (>= 4.4) - framework: netstandard13, >= netstandard16
      System.Text.Encoding.CodePages (>= 4.4) - framework: netstandard13, >= netstandard16
      System.Threading.Thread (>= 4.3) - framework: netstandard13
      System.Threading.ThreadPool (>= 4.3) - framework: netstandard13
    System.Diagnostics.Debug (4.3) - framework: netstandard13, >= netstandard16
      Microsoft.NETCore.Platforms (>= 1.1) - framework: dnxcore50, netstandard10, >= netstandard13
      Microsoft.NETCore.Targets (>= 1.1) - framework: dnxcore50, netstandard10, >= netstandard13
      System.Runtime (>= 4.3) - framework: dnxcore50, netstandard10, >= netstandard13
    System.Diagnostics.DiagnosticSource (4.4.1) - framework: netstandard13, >= netstandard16
      System.Collections (>= 4.3) - framework: netstandard11, >= netstandard13
      System.Diagnostics.Debug (>= 4.3) - framework: >= netstandard13
      System.Diagnostics.Tracing (>= 4.3) - framework: netstandard11, >= netstandard13
      System.Reflection (>= 4.3) - framework: netstandard11, >= netstandard13
      System.Runtime (>= 4.3) - framework: netstandard11, >= netstandard13
      System.Runtime.Extensions (>= 4.3) - framework: >= netstandard13
      System.Threading (>= 4.3) - framework: netstandard11, >= netstandard13
    System.Diagnostics.Tools (4.3) - framework: netstandard13
      Microsoft.NETCore.Platforms (>= 1.1) - framework: dnxcore50, >= netstandard10
      Microsoft.NETCore.Targets (>= 1.1) - framework: dnxcore50, >= netstandard10
      System.Runtime (>= 4.3) - framework: dnxcore50, >= netstandard10
    System.Diagnostics.Tracing (4.3) - framework: netstandard13, >= netstandard16
      Microsoft.NETCore.Platforms (>= 1.1) - framework: dnxcore50, netstandard11, netstandard12, netstandard13, >= netstandard15
      Microsoft.NETCore.Targets (>= 1.1) - framework: dnxcore50, netstandard11, netstandard12, netstandard13, >= netstandard15
      System.Runtime (>= 4.3) - framework: dnxcore50, netstandard11, netstandard12, netstandard13, >= netstandard15
    System.Dynamic.Runtime (4.3) - framework: netstandard13
      System.Collections (>= 4.3) - framework: dnxcore50, >= netstandard13
      System.Diagnostics.Debug (>= 4.3) - framework: dnxcore50, >= netstandard13
      System.Linq (>= 4.3) - framework: dnxcore50, >= netstandard13
      System.Linq.Expressions (>= 4.3) - framework: dnxcore50, netstandard10, >= netstandard13
      System.ObjectModel (>= 4.3) - framework: dnxcore50, netstandard10, >= netstandard13
      System.Reflection (>= 4.3) - framework: dnxcore50, netstandard10, >= netstandard13
      System.Reflection.Emit (>= 4.3) - framework: >= netstandard13
      System.Reflection.Emit.ILGeneration (>= 4.3) - framework: >= netstandard13
      System.Reflection.Primitives (>= 4.3) - framework: >= netstandard13
      System.Reflection.TypeExtensions (>= 4.3) - framework: dnxcore50, >= netstandard13
      System.Resources.ResourceManager (>= 4.3) - framework: dnxcore50, >= netstandard13
      System.Runtime (>= 4.3) - framework: dnxcore50, netstandard10, >= netstandard13
      System.Runtime.Extensions (>= 4.3) - framework: dnxcore50, >= netstandard13
      System.Threading (>= 4.3) - framework: dnxcore50, >= netstandard13
    System.Globalization (4.3) - framework: netstandard13
      Microsoft.NETCore.Platforms (>= 1.1) - framework: dnxcore50, netstandard10, >= netstandard13
      Microsoft.NETCore.Targets (>= 1.1) - framework: dnxcore50, netstandard10, >= netstandard13
      System.Runtime (>= 4.3) - framework: dnxcore50, netstandard10, >= netstandard13
    System.Globalization.Calendars (4.3) - framework: netstandard13
      Microsoft.NETCore.Platforms (>= 1.1) - framework: >= netstandard13
      Microsoft.NETCore.Targets (>= 1.1) - framework: >= netstandard13
      System.Globalization (>= 4.3) - framework: >= netstandard13
      System.Runtime (>= 4.3) - framework: >= netstandard13
    System.IO (4.3) - framework: netstandard13, >= netstandard16
      Microsoft.NETCore.Platforms (>= 1.1) - framework: dnxcore50, netstandard10, netstandard13, >= netstandard15
      Microsoft.NETCore.Targets (>= 1.1) - framework: dnxcore50, netstandard10, netstandard13, >= netstandard15
      System.Runtime (>= 4.3) - framework: dnxcore50, netstandard10, netstandard13, >= netstandard15
      System.Text.Encoding (>= 4.3) - framework: dnxcore50, netstandard10, netstandard13, >= netstandard15
      System.Threading.Tasks (>= 4.3) - framework: dnxcore50, netstandard10, netstandard13, >= netstandard15
    System.IO.Compression (4.3) - framework: netstandard13
      Microsoft.NETCore.Platforms (>= 1.1) - framework: >= netstandard13
      runtime.native.System (>= 4.3) - framework: >= netstandard13
      runtime.native.System.IO.Compression (>= 4.3) - framework: dnxcore50, >= netstandard13
      System.Buffers (>= 4.3) - framework: dnxcore50, >= netstandard13
      System.Collections (>= 4.3) - framework: dnxcore50, >= netstandard13
      System.Diagnostics.Debug (>= 4.3) - framework: dnxcore50, >= netstandard13
      System.IO (>= 4.3) - framework: dnxcore50, netstandard11, >= netstandard13
      System.Resources.ResourceManager (>= 4.3) - framework: dnxcore50, >= netstandard13
      System.Runtime (>= 4.3) - framework: dnxcore50, netstandard11, >= netstandard13
      System.Runtime.Extensions (>= 4.3) - framework: dnxcore50, >= netstandard13
      System.Runtime.Handles (>= 4.3) - framework: dnxcore50, >= netstandard13
      System.Runtime.InteropServices (>= 4.3) - framework: dnxcore50, >= netstandard13
      System.Text.Encoding (>= 4.3) - framework: dnxcore50, netstandard11, >= netstandard13
      System.Threading (>= 4.3) - framework: dnxcore50, >= netstandard13
      System.Threading.Tasks (>= 4.3) - framework: dnxcore50, >= netstandard13
    System.IO.Compression.ZipFile (4.3) - framework: netstandard13
      System.Buffers (>= 4.3) - framework: >= netstandard13
      System.IO (>= 4.3) - framework: >= netstandard13
      System.IO.Compression (>= 4.3) - framework: >= netstandard13
      System.IO.FileSystem (>= 4.3) - framework: >= netstandard13
      System.IO.FileSystem.Primitives (>= 4.3) - framework: >= netstandard13
      System.Resources.ResourceManager (>= 4.3) - framework: >= netstandard13
      System.Runtime (>= 4.3) - framework: >= netstandard13
      System.Runtime.Extensions (>= 4.3) - framework: >= netstandard13
      System.Text.Encoding (>= 4.3) - framework: >= netstandard13
    System.IO.FileSystem (4.3) - framework: netstandard13
      Microsoft.NETCore.Platforms (>= 1.1) - framework: >= netstandard13
      Microsoft.NETCore.Targets (>= 1.1) - framework: >= netstandard13
      System.IO (>= 4.3) - framework: >= netstandard13
      System.IO.FileSystem.Primitives (>= 4.3) - framework: >= net46, >= netstandard13
      System.Runtime (>= 4.3) - framework: >= netstandard13
      System.Runtime.Handles (>= 4.3) - framework: >= netstandard13
      System.Text.Encoding (>= 4.3) - framework: >= netstandard13
      System.Threading.Tasks (>= 4.3) - framework: >= netstandard13
    System.IO.FileSystem.Primitives (4.3) - framework: netstandard13
      System.Runtime (>= 4.3) - framework: >= netstandard13
    System.IO.Pipes (4.3) - framework: netstandard13
      Microsoft.NETCore.Platforms (>= 1.1) - framework: >= netstandard13
      runtime.native.System (>= 4.3) - framework: >= netstandard13
      System.Buffers (>= 4.3) - framework: >= netstandard13
      System.Diagnostics.Debug (>= 4.3) - framework: >= netstandard13
      System.IO (>= 4.3) - framework: >= netstandard13
      System.IO.FileSystem.Primitives (>= 4.3) - framework: >= netstandard13
      System.Net.Primitives (>= 4.3) - framework: >= netstandard13
      System.Net.Sockets (>= 4.3) - framework: >= netstandard13
      System.Reflection (>= 4.3) - framework: >= netstandard13
      System.Resources.ResourceManager (>= 4.3) - framework: >= netstandard13
      System.Runtime (>= 4.3) - framework: >= netstandard13
      System.Runtime.Extensions (>= 4.3) - framework: >= netstandard13
      System.Runtime.Handles (>= 4.3) - framework: >= netstandard13
      System.Runtime.InteropServices (>= 4.3) - framework: >= netstandard13
      System.Security.Principal (>= 4.3) - framework: >= netstandard13
      System.Text.Encoding (>= 4.3) - framework: >= netstandard13
      System.Threading (>= 4.3) - framework: >= netstandard13
      System.Threading.Overlapped (>= 4.3) - framework: >= netstandard13
      System.Threading.Tasks (>= 4.3) - framework: >= netstandard13
    System.Linq (4.3) - framework: netstandard13
    System.Linq.Expressions (4.3) - framework: netstandard13
      System.Reflection (>= 4.3) - framework: dnxcore50, netstandard10, netstandard13, >= netstandard16
      System.Runtime (>= 4.3) - framework: dnxcore50, netstandard10, netstandard13, >= netstandard16
    System.Net.Http (4.3.3) - framework: netstandard13
      Microsoft.NETCore.Platforms (>= 1.1) - framework: dnxcore50, netstandard13, >= netstandard16
      Microsoft.Win32.Primitives (>= 4.3) - framework: netstandard13
      System.Collections (>= 4.3) - framework: dnxcore50, netstandard13, >= netstandard16
      System.Diagnostics.Debug (>= 4.3) - framework: dnxcore50, netstandard13, >= netstandard16
      System.Diagnostics.DiagnosticSource (>= 4.3) - framework: dnxcore50, netstandard13, >= netstandard16
      System.Diagnostics.Tracing (>= 4.3) - framework: dnxcore50, netstandard13, >= netstandard16
      System.Globalization (>= 4.3) - framework: dnxcore50, netstandard13, >= netstandard16
      System.IO (>= 4.3) - framework: dnxcore50, netstandard11, netstandard13, >= netstandard16
      System.IO.Compression (>= 4.3) - framework: netstandard13
      System.Net.Primitives (>= 4.3) - framework: dnxcore50, netstandard11, netstandard13, >= netstandard16
      System.Resources.ResourceManager (>= 4.3) - framework: dnxcore50, netstandard13, >= netstandard16
      System.Runtime (>= 4.3) - framework: dnxcore50, netstandard11, netstandard13, >= netstandard16
      System.Runtime.Extensions (>= 4.3) - framework: dnxcore50, netstandard13, >= netstandard16
      System.Runtime.Handles (>= 4.3) - framework: netstandard13, >= netstandard16
      System.Runtime.InteropServices (>= 4.3) - framework: dnxcore50, netstandard13, >= netstandard16
      System.Security.Cryptography.Encoding (>= 4.3) - framework: netstandard13, >= netstandard16
      System.Security.Cryptography.X509Certificates (>= 4.3) - framework: >= net46, dnxcore50, netstandard13, >= netstandard16
      System.Text.Encoding (>= 4.3) - framework: dnxcore50, netstandard11, netstandard13, >= netstandard16
      System.Threading (>= 4.3) - framework: dnxcore50, netstandard13, >= netstandard16
      System.Threading.Tasks (>= 4.3) - framework: dnxcore50, netstandard11, netstandard13, >= netstandard16
    System.Net.NameResolution (4.3) - framework: netstandard13
      Microsoft.NETCore.Platforms (>= 1.1) - framework: dnxcore50, >= netstandard13
      runtime.native.System (>= 4.3) - framework: >= netstandard13
      System.Collections (>= 4.3) - framework: dnxcore50, >= netstandard13
      System.Diagnostics.Tracing (>= 4.3) - framework: dnxcore50, >= netstandard13
      System.Globalization (>= 4.3) - framework: dnxcore50, >= netstandard13
      System.Net.Primitives (>= 4.3) - framework: dnxcore50, >= netstandard13
      System.Resources.ResourceManager (>= 4.3) - framework: dnxcore50, >= netstandard13
      System.Runtime (>= 4.3) - framework: dnxcore50, >= netstandard13
      System.Runtime.Extensions (>= 4.3) - framework: dnxcore50, >= netstandard13
      System.Runtime.Handles (>= 4.3) - framework: dnxcore50, >= netstandard13
      System.Runtime.InteropServices (>= 4.3) - framework: dnxcore50, >= netstandard13
      System.Security.Principal.Windows (>= 4.3) - framework: >= netstandard13
      System.Threading (>= 4.3) - framework: dnxcore50, >= netstandard13
      System.Threading.Tasks (>= 4.3) - framework: dnxcore50, >= netstandard13
    System.Net.Primitives (4.3) - framework: netstandard13
      Microsoft.NETCore.Platforms (>= 1.1) - framework: dnxcore50, netstandard10, netstandard11, >= netstandard13
      Microsoft.NETCore.Targets (>= 1.1) - framework: dnxcore50, netstandard10, netstandard11, >= netstandard13
      System.Runtime (>= 4.3) - framework: dnxcore50, netstandard10, netstandard11, >= netstandard13
      System.Runtime.Handles (>= 4.3) - framework: dnxcore50, >= netstandard13
    System.Net.Security (4.3.2) - framework: netstandard13
      Microsoft.NETCore.Platforms (>= 1.1) - framework: netstandard13, >= netstandard16
      Microsoft.Win32.Primitives (>= 4.3) - framework: netstandard13, >= netstandard16
      System.Collections (>= 4.3) - framework: netstandard13, >= netstandard16
      System.Collections.Concurrent (>= 4.3) - framework: netstandard13, >= netstandard16
      System.Diagnostics.Tracing (>= 4.3) - framework: netstandard13, >= netstandard16
      System.Globalization (>= 4.3) - framework: netstandard13, >= netstandard16
      System.IO (>= 4.3) - framework: netstandard13, >= netstandard16
      System.Net.Primitives (>= 4.3) - framework: netstandard13, >= netstandard16
      System.Resources.ResourceManager (>= 4.3) - framework: netstandard13, >= netstandard16
      System.Runtime (>= 4.3) - framework: netstandard13, >= netstandard16
      System.Runtime.Extensions (>= 4.3) - framework: netstandard13, >= netstandard16
      System.Runtime.Handles (>= 4.3) - framework: netstandard13, >= netstandard16
      System.Runtime.InteropServices (>= 4.3) - framework: netstandard13, >= netstandard16
      System.Security.Claims (>= 4.3) - framework: netstandard13, >= netstandard16
      System.Security.Cryptography.Encoding (>= 4.3) - framework: netstandard13, >= netstandard16
      System.Security.Cryptography.Primitives (>= 4.3) - framework: netstandard13, >= netstandard16
      System.Security.Cryptography.X509Certificates (>= 4.3) - framework: >= net46, netstandard13, >= netstandard16
      System.Security.Principal (>= 4.3) - framework: netstandard13, >= netstandard16
      System.Security.Principal.Windows (>= 4.3) - framework: netstandard13
      System.Threading (>= 4.3) - framework: netstandard13, >= netstandard16
      System.Threading.Tasks (>= 4.3) - framework: netstandard13, >= netstandard16
      System.Threading.ThreadPool (>= 4.3) - framework: netstandard13, >= netstandard16
    System.Net.Sockets (4.3) - framework: netstandard13
      Microsoft.NETCore.Platforms (>= 1.1) - framework: >= netstandard13
      Microsoft.NETCore.Targets (>= 1.1) - framework: >= netstandard13
      System.IO (>= 4.3) - framework: >= netstandard13
      System.Net.Primitives (>= 4.3) - framework: >= netstandard13
      System.Runtime (>= 4.3) - framework: >= netstandard13
      System.Threading.Tasks (>= 4.3) - framework: >= netstandard13
    System.ObjectModel (4.3) - framework: netstandard13
      System.Collections (>= 4.3) - framework: dnxcore50, >= netstandard13
      System.Diagnostics.Debug (>= 4.3) - framework: dnxcore50, >= netstandard13
      System.Resources.ResourceManager (>= 4.3) - framework: dnxcore50, >= netstandard13
      System.Runtime (>= 4.3) - framework: dnxcore50, netstandard10, >= netstandard13
      System.Threading (>= 4.3) - framework: dnxcore50, >= netstandard13
    System.Reflection (4.3) - framework: netstandard13, >= netstandard16
      Microsoft.NETCore.Platforms (>= 1.1) - framework: dnxcore50, netstandard10, netstandard13, >= netstandard15
      Microsoft.NETCore.Targets (>= 1.1) - framework: dnxcore50, netstandard10, netstandard13, >= netstandard15
      System.IO (>= 4.3) - framework: dnxcore50, netstandard10, netstandard13, >= netstandard15
      System.Reflection.Primitives (>= 4.3) - framework: dnxcore50, netstandard10, netstandard13, >= netstandard15
      System.Runtime (>= 4.3) - framework: dnxcore50, netstandard10, netstandard13, >= netstandard15
    System.Reflection.Emit (4.3) - framework: netstandard13
      System.IO (>= 4.3) - framework: >= netstandard11
      System.Reflection (>= 4.3) - framework: >= netstandard11
      System.Reflection.Emit.ILGeneration (>= 4.3) - framework: >= netstandard11
      System.Reflection.Primitives (>= 4.3) - framework: >= netstandard11
      System.Runtime (>= 4.3) - framework: >= netstandard11
    System.Reflection.Emit.ILGeneration (4.3) - framework: netstandard13, >= netstandard16
      System.Reflection (>= 4.3) - framework: >= netstandard10
      System.Reflection.Primitives (>= 4.3) - framework: >= netstandard10
      System.Runtime (>= 4.3) - framework: >= netstandard10
    System.Reflection.Emit.Lightweight (4.3) - framework: netstandard13, >= netstandard16
      System.Reflection (>= 4.3) - framework: >= netstandard10
      System.Reflection.Emit.ILGeneration (>= 4.3) - framework: >= netstandard10
      System.Reflection.Primitives (>= 4.3) - framework: >= netstandard10
      System.Runtime (>= 4.3) - framework: >= netstandard10
    System.Reflection.Extensions (4.3) - framework: netstandard13
      Microsoft.NETCore.Platforms (>= 1.1) - framework: dnxcore50, >= netstandard10
      Microsoft.NETCore.Targets (>= 1.1) - framework: dnxcore50, >= netstandard10
      System.Reflection (>= 4.3) - framework: dnxcore50, >= netstandard10
      System.Runtime (>= 4.3) - framework: dnxcore50, >= netstandard10
    System.Reflection.Primitives (4.3) - framework: netstandard13, >= netstandard16
      Microsoft.NETCore.Platforms (>= 1.1) - framework: dnxcore50, >= netstandard10
      Microsoft.NETCore.Targets (>= 1.1) - framework: dnxcore50, >= netstandard10
      System.Runtime (>= 4.3) - framework: dnxcore50, >= netstandard10
    System.Reflection.TypeExtensions (4.4) - framework: netstandard13, >= netstandard16
      System.Reflection (>= 4.3) - framework: dnxcore50, netstandard13, netstandard15
      System.Resources.ResourceManager (>= 4.3) - framework: dnxcore50, netstandard13, netstandard15
      System.Runtime (>= 4.3) - framework: dnxcore50, netstandard13, netstandard15
    System.Resources.ResourceManager (4.3) - framework: netstandard13
      Microsoft.NETCore.Platforms (>= 1.1) - framework: dnxcore50, >= netstandard10
      Microsoft.NETCore.Targets (>= 1.1) - framework: dnxcore50, >= netstandard10
      System.Globalization (>= 4.3) - framework: dnxcore50, >= netstandard10
      System.Reflection (>= 4.3) - framework: dnxcore50, >= netstandard10
      System.Runtime (>= 4.3) - framework: dnxcore50, >= netstandard10
    System.Runtime (4.3) - framework: netstandard13, >= netstandard16
      Microsoft.NETCore.Platforms (>= 1.1) - framework: dnxcore50, netstandard10, netstandard12, netstandard13, >= netstandard15
      Microsoft.NETCore.Targets (>= 1.1) - framework: dnxcore50, netstandard10, netstandard12, netstandard13, >= netstandard15
    System.Runtime.CompilerServices.Unsafe (4.4) - framework: >= net463, >= netstandard16
    System.Runtime.Extensions (4.3) - framework: netstandard13, >= netstandard16
      Microsoft.NETCore.Platforms (>= 1.1) - framework: dnxcore50, netstandard10, netstandard13, >= netstandard15
      Microsoft.NETCore.Targets (>= 1.1) - framework: dnxcore50, netstandard10, netstandard13, >= netstandard15
      System.Runtime (>= 4.3) - framework: dnxcore50, netstandard10, netstandard13, >= netstandard15
    System.Runtime.Handles (4.3) - framework: netstandard13
      Microsoft.NETCore.Platforms (>= 1.1) - framework: >= netstandard13
      Microsoft.NETCore.Targets (>= 1.1) - framework: >= netstandard13
      System.Runtime (>= 4.3) - framework: >= netstandard13
    System.Runtime.InteropServices (4.3) - framework: netstandard13
      Microsoft.NETCore.Platforms (>= 1.1) - framework: dnxcore50, netstandard11, netstandard12, netstandard13, >= netstandard15
      Microsoft.NETCore.Targets (>= 1.1) - framework: dnxcore50, netstandard11, netstandard12, netstandard13, >= netstandard15
      System.Reflection (>= 4.3) - framework: dnxcore50, netstandard11, netstandard12, netstandard13, >= netstandard15
      System.Reflection.Primitives (>= 4.3) - framework: dnxcore50, netstandard11, netstandard12, netstandard13, >= netstandard15
      System.Runtime (>= 4.3) - framework: net462, >= net463, dnxcore50, netstandard11, netstandard12, netstandard13, >= netstandard15
      System.Runtime.Handles (>= 4.3) - framework: dnxcore50, netstandard13, >= netstandard15
    System.Runtime.InteropServices.RuntimeInformation (4.3) - framework: netstandard13
      runtime.native.System (>= 4.3) - framework: >= netstandard11
      System.Reflection (>= 4.3) - framework: dnxcore50, >= netstandard11
      System.Reflection.Extensions (>= 4.3) - framework: dnxcore50, >= netstandard11
      System.Resources.ResourceManager (>= 4.3) - framework: dnxcore50, >= netstandard11
      System.Runtime (>= 4.3) - framework: dnxcore50, >= netstandard11
      System.Runtime.InteropServices (>= 4.3) - framework: >= netstandard11
      System.Threading (>= 4.3) - framework: dnxcore50, >= netstandard11
    System.Runtime.Numerics (4.3) - framework: netstandard13
      System.Globalization (>= 4.3) - framework: dnxcore50, >= netstandard13
      System.Resources.ResourceManager (>= 4.3) - framework: dnxcore50, >= netstandard13
      System.Runtime (>= 4.3) - framework: dnxcore50, netstandard11, >= netstandard13
      System.Runtime.Extensions (>= 4.3) - framework: dnxcore50, >= netstandard13
    System.Security.AccessControl (4.4.1) - framework: >= netstandard16
      System.Security.Principal.Windows (>= 4.4)
    System.Security.Claims (4.3) - framework: netstandard13
      System.Collections (>= 4.3) - framework: >= netstandard13
      System.Globalization (>= 4.3) - framework: >= netstandard13
      System.IO (>= 4.3) - framework: >= netstandard13
      System.Resources.ResourceManager (>= 4.3) - framework: >= netstandard13
      System.Runtime (>= 4.3) - framework: >= netstandard13
      System.Runtime.Extensions (>= 4.3) - framework: >= netstandard13
      System.Security.Principal (>= 4.3) - framework: >= netstandard13
    System.Security.Cryptography.Algorithms (4.3.1) - framework: netstandard13
      System.IO (>= 4.3) - framework: >= net463, dnxcore50, netstandard13, netstandard14, >= netstandard16
      System.Runtime (>= 4.3) - framework: >= net463, dnxcore50, netstandard13, netstandard14, >= netstandard16
      System.Security.Cryptography.Primitives (>= 4.3) - framework: net46, net461, >= net463, dnxcore50, netstandard13, netstandard14, >= netstandard16
    System.Security.Cryptography.Encoding (4.3) - framework: netstandard13
      Microsoft.NETCore.Platforms (>= 1.1) - framework: >= netstandard13
      runtime.native.System.Security.Cryptography.OpenSsl (>= 4.3) - framework: >= netstandard13
      System.Collections (>= 4.3) - framework: >= netstandard13
      System.Collections.Concurrent (>= 4.3) - framework: >= netstandard13
      System.Linq (>= 4.3) - framework: >= netstandard13
      System.Resources.ResourceManager (>= 4.3) - framework: >= netstandard13
      System.Runtime (>= 4.3) - framework: >= netstandard13
      System.Runtime.Extensions (>= 4.3) - framework: >= netstandard13
      System.Runtime.Handles (>= 4.3) - framework: >= netstandard13
      System.Runtime.InteropServices (>= 4.3) - framework: >= netstandard13
      System.Security.Cryptography.Primitives (>= 4.3) - framework: >= netstandard13
      System.Text.Encoding (>= 4.3) - framework: >= netstandard13
    System.Security.Cryptography.Primitives (4.3) - framework: netstandard13
      System.Diagnostics.Debug (>= 4.3) - framework: >= netstandard13
      System.Globalization (>= 4.3) - framework: >= netstandard13
      System.IO (>= 4.3) - framework: >= netstandard13
      System.Resources.ResourceManager (>= 4.3) - framework: >= netstandard13
      System.Runtime (>= 4.3) - framework: >= netstandard13
      System.Threading (>= 4.3) - framework: >= netstandard13
      System.Threading.Tasks (>= 4.3) - framework: >= netstandard13
    System.Security.Cryptography.X509Certificates (4.3.2) - framework: netstandard13
      System.Runtime (>= 4.3) - framework: dnxcore50, netstandard13, netstandard14, >= netstandard16
      System.Runtime.Handles (>= 4.3) - framework: dnxcore50, netstandard13, netstandard14, >= netstandard16
      System.Security.Cryptography.Algorithms (>= 4.3) - framework: net46, >= net461, dnxcore50, netstandard13, netstandard14, >= netstandard16
      System.Security.Cryptography.Encoding (>= 4.3) - framework: net46, >= net461, dnxcore50, netstandard13, netstandard14, >= netstandard16
    System.Security.Principal (4.3) - framework: netstandard13
      System.Runtime (>= 4.3) - framework: dnxcore50, >= netstandard10
    System.Security.Principal.Windows (4.4.1) - framework: netstandard13, >= netstandard16
      Microsoft.Win32.Primitives (>= 4.3) - framework: netstandard13
      System.Collections (>= 4.3) - framework: netstandard13
      System.Diagnostics.Debug (>= 4.3) - framework: netstandard13
      System.Reflection (>= 4.3) - framework: netstandard13
      System.Resources.ResourceManager (>= 4.3) - framework: netstandard13
      System.Runtime (>= 4.3) - framework: netstandard13
      System.Runtime.Extensions (>= 4.3) - framework: netstandard13
      System.Runtime.Handles (>= 4.3) - framework: netstandard13
      System.Runtime.InteropServices (>= 4.3) - framework: netstandard13
      System.Security.Claims (>= 4.3) - framework: net46, netstandard13
      System.Security.Principal (>= 4.3) - framework: netstandard13
      System.Text.Encoding (>= 4.3) - framework: netstandard13
      System.Threading (>= 4.3) - framework: netstandard13
    System.Text.Encoding (4.3) - framework: netstandard13, >= netstandard16
      Microsoft.NETCore.Platforms (>= 1.1) - framework: dnxcore50, netstandard10, >= netstandard13
      Microsoft.NETCore.Targets (>= 1.1) - framework: dnxcore50, netstandard10, >= netstandard13
      System.Runtime (>= 4.3) - framework: dnxcore50, netstandard10, >= netstandard13
    System.Text.Encoding.CodePages (4.4) - framework: netstandard13, >= netstandard16
      NETStandard.Library (>= 1.6.1) - framework: netstandard13
    System.Text.Encoding.Extensions (4.3) - framework: netstandard13
      Microsoft.NETCore.Platforms (>= 1.1) - framework: dnxcore50, netstandard10, >= netstandard13
      Microsoft.NETCore.Targets (>= 1.1) - framework: dnxcore50, netstandard10, >= netstandard13
      System.Runtime (>= 4.3) - framework: dnxcore50, netstandard10, >= netstandard13
      System.Text.Encoding (>= 4.3) - framework: dnxcore50, netstandard10, >= netstandard13
    System.Text.RegularExpressions (4.3) - framework: netstandard13
      System.Runtime (>= 4.3) - framework: dnxcore50, netstandard10, netstandard13, >= netstandard16
    System.Threading (4.3) - framework: netstandard13, >= netstandard16
      System.Runtime (>= 4.3) - framework: dnxcore50, netstandard10, >= netstandard13
      System.Threading.Tasks (>= 4.3) - framework: dnxcore50, netstandard10, >= netstandard13
    System.Threading.Overlapped (4.3) - framework: netstandard13
      Microsoft.NETCore.Platforms (>= 1.1) - framework: dnxcore50, >= netstandard13
      System.Resources.ResourceManager (>= 4.3) - framework: dnxcore50, >= netstandard13
      System.Runtime (>= 4.3) - framework: dnxcore50, >= netstandard13
      System.Runtime.Handles (>= 4.3) - framework: dnxcore50, >= netstandard13
    System.Threading.Tasks (4.3) - framework: netstandard13, >= netstandard16
      Microsoft.NETCore.Platforms (>= 1.1) - framework: dnxcore50, netstandard10, >= netstandard13
      Microsoft.NETCore.Targets (>= 1.1) - framework: dnxcore50, netstandard10, >= netstandard13
      System.Runtime (>= 4.3) - framework: dnxcore50, netstandard10, >= netstandard13
    System.Threading.Tasks.Extensions (4.4) - framework: netstandard13
    System.Threading.Thread (4.3) - framework: netstandard13
      System.Runtime (>= 4.3) - framework: >= netstandard13
    System.Threading.ThreadPool (4.3) - framework: netstandard13
      System.Runtime (>= 4.3) - framework: >= netstandard13
      System.Runtime.Handles (>= 4.3) - framework: >= netstandard13
    System.Threading.Timer (4.3) - framework: netstandard13
      Microsoft.NETCore.Platforms (>= 1.1) - framework: dnxcore50, >= netstandard12
      Microsoft.NETCore.Targets (>= 1.1) - framework: dnxcore50, >= netstandard12
      System.Runtime (>= 4.3) - framework: dnxcore50, >= netstandard12
    System.Xml.ReaderWriter (4.3.1) - framework: netstandard13
      System.Collections (>= 4.3) - framework: dnxcore50, >= netstandard13
      System.Diagnostics.Debug (>= 4.3) - framework: dnxcore50, >= netstandard13
      System.Globalization (>= 4.3) - framework: dnxcore50, >= netstandard13
      System.IO (>= 4.3) - framework: dnxcore50, netstandard10, >= netstandard13
      System.IO.FileSystem (>= 4.3) - framework: dnxcore50, >= netstandard13
      System.IO.FileSystem.Primitives (>= 4.3) - framework: dnxcore50, >= netstandard13
      System.Resources.ResourceManager (>= 4.3) - framework: dnxcore50, >= netstandard13
      System.Runtime (>= 4.3) - framework: dnxcore50, netstandard10, >= netstandard13
      System.Runtime.Extensions (>= 4.3) - framework: dnxcore50, >= netstandard13
      System.Runtime.InteropServices (>= 4.3) - framework: dnxcore50, >= netstandard13
      System.Text.Encoding (>= 4.3) - framework: dnxcore50, netstandard10, >= netstandard13
      System.Text.Encoding.Extensions (>= 4.3) - framework: dnxcore50, >= netstandard13
      System.Text.RegularExpressions (>= 4.3) - framework: dnxcore50, >= netstandard13
      System.Threading.Tasks (>= 4.3) - framework: dnxcore50, netstandard10, >= netstandard13
      System.Threading.Tasks.Extensions (>= 4.3) - framework: dnxcore50, >= netstandard13
    System.Xml.XDocument (4.3) - framework: netstandard13
      System.Collections (>= 4.3) - framework: dnxcore50, >= netstandard13
      System.Diagnostics.Debug (>= 4.3) - framework: dnxcore50, >= netstandard13
      System.Diagnostics.Tools (>= 4.3) - framework: dnxcore50, >= netstandard13
      System.Globalization (>= 4.3) - framework: dnxcore50, >= netstandard13
      System.IO (>= 4.3) - framework: dnxcore50, netstandard10, >= netstandard13
      System.Reflection (>= 4.3) - framework: dnxcore50, >= netstandard13
      System.Resources.ResourceManager (>= 4.3) - framework: dnxcore50, >= netstandard13
      System.Runtime (>= 4.3) - framework: dnxcore50, netstandard10, >= netstandard13
      System.Runtime.Extensions (>= 4.3) - framework: dnxcore50, >= netstandard13
      System.Text.Encoding (>= 4.3) - framework: dnxcore50, >= netstandard13
      System.Threading (>= 4.3) - framework: dnxcore50, >= netstandard13
      System.Xml.ReaderWriter (>= 4.3) - framework: dnxcore50, netstandard10, >= netstandard13
    System.Xml.XmlDocument (4.3) - framework: netstandard13
      System.Collections (>= 4.3) - framework: >= netstandard13
      System.Diagnostics.Debug (>= 4.3) - framework: >= netstandard13
      System.Globalization (>= 4.3) - framework: >= netstandard13
      System.IO (>= 4.3) - framework: >= netstandard13
      System.Resources.ResourceManager (>= 4.3) - framework: >= netstandard13
      System.Runtime (>= 4.3) - framework: >= netstandard13
      System.Runtime.Extensions (>= 4.3) - framework: >= netstandard13
      System.Text.Encoding (>= 4.3) - framework: >= netstandard13
      System.Threading (>= 4.3) - framework: >= netstandard13
      System.Xml.ReaderWriter (>= 4.3) - framework: >= netstandard13
